GEM
  remote: https://rubygems.org/
  specs:
    activemodel (5.0.0.1)
      activesupport (= 5.0.0.1)
    activerecord (5.0.0.1)
      activemodel (= 5.0.0.1)
      activesupport (= 5.0.0.1)
      arel (~> 7.0)
    activesupport (5.0.0.1)
      concurrent-ruby (~> 1.0, >= 1.0.2)
      i18n (~> 0.7)
      minitest (~> 5.1)
      tzinfo (~> 1.1)
    alsa-rawmidi (0.3.1)
      ffi (~> 1.0)
    arel (7.1.4)
    byebug (9.0.6)
    coderay (1.1.1)
    concurrent-ruby (1.0.2)
    ffi (1.9.14)
    ffi-coremidi (0.3.8)
      ffi (~> 1.9, >= 1.9.6)
    groupdate (5.2.1)
      activesupport (>= 5)
    i18n (0.7.0)
    method_source (0.8.2)
    midi-jruby (0.1.5)
    midi-winmm (0.1.10)
      ffi (>= 1.0)
    minitest (5.10.1)
    pry (0.10.4)
      coderay (~> 1.1.0)
      method_source (~> 0.8.1)
      slop (~> 3.4)
    pry-byebug (3.4.2)
      byebug (~> 9.0)
      pry (~> 0.10)
    rake (12.0.0)
    slop (3.6.0)
    sqlite3 (1.3.12)
    thread_safe (0.3.5)
    tzinfo (1.2.2)
      thread_safe (~> 0.1)
    unimidi (0.4.7)
      alsa-rawmidi (~> 0.3, >= 0.3.1)
      ffi-coremidi (~> 0.3, >= 0.3.5)
      midi-jruby (~> 0.1, >= 0.1.4)
      midi-winmm (~> 0.1, >= 0.1.10)

PLATFORMS
  ruby

DEPENDENCIES
  activerecord
  groupdate
  pry
  pry-byebug
  rake
  sqlite3
  unimidi

BUNDLED WITH
   1.17.3
