GEM
  remote: https://rubygems.org/
  specs:
    activemodel (5.2.6)
      activesupport (= 5.2.6)
    activerecord (5.2.6)
      activemodel (= 5.2.6)
      activesupport (= 5.2.6)
      arel (>= 9.0)
    activesupport (5.2.6)
      concurrent-ruby (~> 1.0, >= 1.0.2)
      i18n (>= 0.7, < 2)
      minitest (~> 5.1)
      tzinfo (~> 1.1)
    alsa-rawmidi (0.3.2)
      ffi (~> 1.0)
    arel (9.0.0)
    byebug (11.1.3)
    coderay (1.1.3)
    concurrent-ruby (1.1.9)
    ffi (1.15.5)
    ffi-coremidi (0.4.1)
      ffi (~> 1.9, >= 1.9.6)
    groupdate (5.2.4)
      activesupport (>= 5)
    highline (2.0.3)
    i18n (1.9.1)
      concurrent-ruby (~> 1.0)
    method_source (1.0.0)
    midi-jruby (0.1.6)
    midi-winmm (0.1.10)
      ffi (>= 1.0)
    minitest (5.15.0)
    pry (0.13.1)
      coderay (~> 1.1)
      method_source (~> 1.0)
    pry-byebug (3.9.0)
      byebug (~> 11.0)
      pry (~> 0.13.0)
    rake (13.0.6)
    sqlite3 (1.4.2)
    thread_safe (0.3.6)
    tzinfo (1.2.9)
      thread_safe (~> 0.1)
    unimidi (0.4.8)
      alsa-rawmidi (~> 0.3, >= 0.3.1)
      ffi-coremidi (~> 0.3, >= 0.3.5)
      midi-jruby (~> 0.1, >= 0.1.4)
      midi-winmm (~> 0.1, >= 0.1.10)

PLATFORMS
  ruby

DEPENDENCIES
  activerecord
  groupdate
  highline
  pry
  pry-byebug
  rake
  sqlite3
  unimidi

BUNDLED WITH
   2.2.26
